GEM
  remote: http://rubygems.org/
  specs:
    actionmailer (2.3.5)
      actionpack (= 2.3.5)
    actionpack (2.3.5)
      activesupport (= 2.3.5)
      rack (~> 1.0.0)
    activerecord (2.3.5)
      activesupport (= 2.3.5)
    activeresource (2.3.5)
      activesupport (= 2.3.5)
    activesupport (2.3.5)
    factory_girl (1.2.0)
    guid (0.1.1)
    hpricot (0.8.2)
    mime-types (1.16)
    mysql (2.8.1)
    polyglot (0.3.0)
    rack (1.0.1)
    rails (2.3.5)
      actionmailer (= 2.3.5)
      actionpack (= 2.3.5)
      activerecord (= 2.3.5)
      activeresource (= 2.3.5)
      activesupport (= 2.3.5)
      rake (>= 0.8.3)
    rake (0.8.7)
    rmagick (2.13.1)
    seed-fu (1.2.3)
      rails (>= 2.1)
    shoulda (2.9.1)
    sprockets (1.0.2)
    will_paginate (2.3.15)

PLATFORMS
  ruby

DEPENDENCIES
  factory_girl (= 1.2.0)
  guid (= 0.1.1)
  hpricot (= 0.8.2)
  mime-types (= 1.16)
  mysql (= 2.8.1)
  polyglot (= 0.3.0)
  rack (= 1.0.1)
  rails (= 2.3.5)
  rmagick (= 2.13.1)
  seed-fu (~> 1.2.0)
  shoulda (= 2.9.1)
  sprockets (= 1.0.2)
  will_paginate (~> 2.3.11)
